PATH
  remote: .
  specs:
    capistrano_evrone_recipes (0.1.5)
      capistrano (>= 2.13.5)
      colored
      foreman_export_runitu
      unicorn
      whenever

GEM
  remote: http://rubygems.org/
  specs:
    activesupport (3.2.9)
      i18n (~> 0.6)
      multi_json (~> 1.0)
    capistrano (2.13.5)
      highline
      net-scp (>= 1.0.0)
      net-sftp (>= 2.0.0)
      net-ssh (>= 2.0.14)
      net-ssh-gateway (>= 1.1.0)
    chronic (0.8.0)
    colored (1.2)
    foreman (0.60.2)
      thor (>= 0.13.6)
    foreman_export_runitu (0.0.2)
      foreman
    highline (1.6.15)
    i18n (0.6.1)
    kgio (2.7.4)
    multi_json (1.3.7)
    net-scp (1.0.4)
      net-ssh (>= 1.99.1)
    net-sftp (2.0.5)
      net-ssh (>= 2.0.9)
    net-ssh (2.6.1)
    net-ssh-gateway (1.1.0)
      net-ssh (>= 1.99.1)
    rack (1.4.1)
    raindrops (0.10.0)
    thor (0.16.0)
    unicorn (4.4.0)
      kgio (~> 2.6)
      rack
      raindrops (~> 0.7)
    whenever (0.8.0)
      activesupport (>= 2.3.4)
      chronic (>= 0.6.3)

PLATFORMS
  ruby

DEPENDENCIES
  capistrano_evrone_recipes!
